PATH
  remote: .
  specs:
    ga_cookie_parser (0.0.1)

GEM
  remote: http://rubygems.org/
  specs:
    shoulda (2.11.3)

PLATFORMS
  ruby

DEPENDENCIES
  ga_cookie_parser!
  shoulda
